GEM
  remote: https://rubygems.org/
  specs:
    backports (3.16.0)
    builder (3.2.4)
    concurrent-ruby (1.1.6)
    cucumber (3.1.2)
      builder (>= 2.1.2)
      cucumber-core (~> 3.2.0)
      cucumber-expressions (~> 6.0.1)
      cucumber-wire (~> 0.0.1)
      diff-lcs (~> 1.3)
      gherkin (~> 5.1.0)
      multi_json (>= 1.7.5, < 2.0)
      multi_test (>= 0.1.2)
    cucumber-core (3.2.1)
      backports (>= 3.8.0)
      cucumber-tag_expressions (~> 1.1.0)
      gherkin (~> 5.0)
    cucumber-expressions (6.0.1)
    cucumber-tag_expressions (1.1.1)
    cucumber-wire (0.0.1)
    diff-lcs (1.3)
    faker (2.10.1)
      i18n (>= 1.6, < 2)
    gherkin (5.1.0)
    i18n (1.8.2)
      concurrent-ruby (~> 1.0)
    multi_json (1.14.1)
    multi_test (0.1.2)
    rake (13.0.1)
    rspec-expectations (3.9.0)
      diff-lcs (>= 1.2.0, < 2.0)
      rspec-support (~> 3.9.0)
    rspec-support (3.9.2)

PLATFORMS
  ruby

DEPENDENCIES
  cucumber
  faker
  rake
  rspec-expectations

BUNDLED WITH
   1.17.2
